NUGET
  remote: http://nuget.org/api/v2
  specs:
    Aether (5.0.0)
    FAKE (3.9.9)
    Fleece (0.4.0)
      FSharpPlus (>= 0.0.4)
      ReadOnlyCollectionExtensions (>= 1.2.0)
      ReadOnlyCollectionInterfaces (1.0.0)
      System.Json (>= 4.0.20126.16343)
    FParsec (1.0.1)
    FsControl (1.0.9)
    FSharpPlus (0.0.4)
      FsControl (>= 1.0.9)
    LinqBridge (1.3.0)
    Microsoft.Bcl (1.1.9)
      Microsoft.Bcl.Build (>= 1.0.14)
    Microsoft.Bcl.Build (1.0.21)
    Microsoft.Net.Http (2.2.28)
      Microsoft.Bcl (>= 1.1.9)
      Microsoft.Bcl.Build (>= 1.0.14)
    Microsoft.Owin (3.0.0)
      Owin (>= 1.0)
    Microsoft.Owin.Diagnostics (3.0.0)
      Microsoft.Owin (>= 3.0.0)
      Owin (>= 1.0)
    Microsoft.Owin.Host.HttpListener (3.0.0)
    Microsoft.Owin.Hosting (3.0.0)
      Microsoft.Owin (>= 3.0.0)
      Owin (>= 1.0)
    Microsoft.Owin.SelfHost (3.0.0)
      Microsoft.Owin (>= 3.0.0)
      Microsoft.Owin.Diagnostics (>= 3.0.0)
      Microsoft.Owin.Host.HttpListener (>= 3.0.0)
      Microsoft.Owin.Hosting (>= 3.0.0)
      Owin (>= 1.0)
    NuGet.CommandLine (2.8.3)
    NUnit (2.6.3)
    NUnit.Runners (2.6.3)
    Owin (1.0.0)
    ReadOnlyCollectionExtensions (1.2.0)
      LinqBridge (>= 1.3.0) - net20
      ReadOnlyCollectionInterfaces (1.0.0) - net20
      ReadOnlyCollectionInterfaces (1.0.0) - net35
      ReadOnlyCollectionInterfaces (1.0.0) - net40
    ReadOnlyCollectionInterfaces (1.0.0)
    SourceLink.Fake (0.4.2)
    System.Json (4.0.20126.16343)
    Unquote (2.2.2)
